GEM
  remote: http://rubygems.org/
  specs:
    bit-struct (0.15.0)
    metaclass (0.0.4)
    minitest (5.5.1)
    mocha (1.1.0)
      metaclass (~> 0.0.1)
    pcaprub (0.12.0)

PLATFORMS
  ruby

DEPENDENCIES
  bit-struct
  minitest
  mocha
  pcaprub
